GIT
  remote: git://github.com/IntersectAustralia/acdata-dataset-api.git
  revision: d759bd2ab80d425c3aee28202f80fe2a3e87e1bb
  specs:
    acdata-dataset-api (1.0.0)

GEM
  remote: http://rubygems.org/
  specs:
    git (1.2.5)
    highline (1.6.11)
    jeweler (1.8.3)
      bundler (~> 1.0)
      git (>= 1.2.5)
      rake
      rdoc
    json (1.6.6)
    rake (0.9.2.2)
    rdoc (3.12)
      json (~> 1.4)
    shoulda (3.0.1)
      shoulda-context (~> 1.0.0)
      shoulda-matchers (~> 1.0.0)
    shoulda-context (1.0.0)
    shoulda-matchers (1.0.0)

PLATFORMS
  ruby

DEPENDENCIES
  acdata-dataset-api!
  bundler (~> 1.3.5)
  highline
  jeweler (~> 1.8.3)
  rdoc (~> 3.12)
  shoulda
